GEM
  remote: https://rubygems.org/
  specs:
    ejson (1.1.0)

PLATFORMS
  ruby

DEPENDENCIES
  ejson

BUNDLED WITH
   1.15.4
